GEM
  remote: https://rubygems.org/
  specs:
    aws-sdk (2.7.3)
      aws-sdk-resources (= 2.7.3)
    aws-sdk-core (2.7.3)
      aws-sigv4 (~> 1.0)
      jmespath (~> 1.0)
    aws-sdk-resources (2.7.3)
      aws-sdk-core (= 2.7.3)
    aws-sigv4 (1.0.0)
    builder (3.2.3)
    childprocess (0.6.1)
      ffi (~> 1.0, >= 1.0.11)
    dotenv (2.2.0)
    ffi (1.9.17)
    headless (2.3.1)
    jmespath (1.3.1)
    jwt (1.5.6)
    multi_json (1.12.1)
    rubyzip (1.2.0)
    selenium-webdriver (3.0.5)
      childprocess (~> 0.5)
      rubyzip (~> 1.0)
      websocket (~> 1.0)
    twilio-ruby (4.13.0)
      builder (>= 2.1.2)
      jwt (~> 1.0)
      multi_json (>= 1.3.0)
    watir (6.1.0)
      selenium-webdriver (~> 3.0)
    websocket (1.2.3)

PLATFORMS
  ruby

DEPENDENCIES
  aws-sdk (~> 2.6)!
  dotenv (~> 2.2.0)!
  headless (~> 2.3.1)!
  twilio-ruby (~> 4.13.0)!
  watir (~> 6.1.0)!

BUNDLED WITH
   1.13.7
